GEM
  remote: https://rubygems.org/
  specs:
    activesupport (5.2.8)
      concurrent-ruby (~> 1.0, >= 1.0.2)
      i18n (>= 0.7, < 2)
      minitest (~> 5.1)
      tzinfo (~> 1.1)
    coderay (1.1.3)
    concurrent-ruby (1.1.10)
    i18n (1.10.0)
      concurrent-ruby (~> 1.0)
    method_source (1.0.0)
    minitest (5.15.0)
    power_assert (2.0.1)
    pry (0.14.1)
      coderay (~> 1.1)
      method_source (~> 1.0)
    test-unit (3.5.3)
      power_assert
    thread_safe (0.3.6)
    tzinfo (1.2.9)
      thread_safe (~> 0.1)

PLATFORMS
  x86_64-linux

DEPENDENCIES
  activesupport
  pry
  test-unit

BUNDLED WITH
   2.2.26
